GEM
  remote: https://rubygems.org/
  specs:
    adsf (1.2.0)
      rack (>= 1.0.0)
    builder (3.2.2)
    chunky_png (1.3.1)
    coderay (1.1.0)
    colored (1.2)
    compass (0.12.6)
      chunky_png (~> 1.2)
      fssm (>= 0.2.7)
      sass (~> 3.2.19)
    cri (2.6.0)
      colored (~> 1.2)
    fssm (0.2.10)
    haml (4.0.5)
      tilt
    nanoc (3.6.9)
      cri (~> 2.3)
    rack (1.5.2)
    redcarpet (3.1.1)
    sass (3.2.19)
    susy (1.0.9)
      compass (>= 0.12.2)
      sass (>= 3.2.0)
    tilt (2.0.1)

PLATFORMS
  ruby

DEPENDENCIES
  adsf
  builder
  coderay
  compass
  haml
  nanoc
  redcarpet
  sass (~> 3.2.0)
  susy
